NUGET
  remote: https://www.nuget.org/api/v2
  specs:
    Angara.Chart (0.2)
      Angara.Serialization
    Angara.Serialization (0.2)
    Angara.Serialization.Json (0.2)
      Angara.Serialization (>= 0.2)
      Newtonsoft.Json (>= 8.0.3)
    Angara.Statistics (0.1.3)
    Angara.Table (0.2.1)
      Angara.Serialization
      Angara.Statistics
      System.Collections.Immutable (1.1.36)
    DotNetZip (1.10.1)
    Newtonsoft.Json (8.0.3)
    System.Collections.Immutable (1.1.36)

GROUP Test
NUGET
  remote: https://www.nuget.org/api/v2
  specs:
    FsCheck (2.3)
      FSharp.Core (>= 3.1.2.5)
    FsCheck.Nunit (2.3)
      FsCheck (>= 2.3)
      NUnit (>= 2.6.4 < 2.7)
      NUnit.Runners (>= 2.6.4 < 2.7)
    FSharp.Core (4.0.0.1)
    FsUnit (1.4.1)
      FSharp.Core (>= 3.1.2.5)
      NUnit (2.6.4)
    NUnit (2.6.4)
    NUnit.Runners (2.6.4)
    Unquote (3.1.1)
